GIT
  remote: https://github.com/camping/camping.git
  revision: a662d9c195325c28354e9960ae492312fcb3e9a8
  specs:
    camping (2.1.582)
      mab (>= 0.0.3)
      rack (>= 1.0)

GEM
  remote: https://ruby.taobao.org/
  specs:
    activemodel (4.2.1)
      activesupport (= 4.2.1)
      builder (~> 3.1)
    activerecord (4.2.1)
      activemodel (= 4.2.1)
      activesupport (= 4.2.1)
      arel (~> 6.0)
    activesupport (4.2.1)
      i18n (~> 0.7)
      json (~> 1.7, >= 1.7.7)
      minitest (~> 5.1)
      thread_safe (~> 0.3, >= 0.3.4)
      tzinfo (~> 1.1)
    arel (6.0.0)
    builder (3.2.2)
    i18n (0.7.0)
    json (1.8.2)
    mab (0.0.3)
    minitest (5.5.1)
    rack (1.6.4)
    sqlite3 (1.3.10)
    thread_safe (0.3.5)
    tzinfo (1.2.2)
      thread_safe (~> 0.1)

PLATFORMS
  ruby

DEPENDENCIES
  activerecord
  camping!
  sqlite3
